GEM
  remote: https://rubygems.org/
  specs:
    ffi (1.11.1)
    rbnacl (7.0.0)
      ffi

PLATFORMS
  ruby

DEPENDENCIES
  rbnacl

BUNDLED WITH
   2.0.2
