GIT
  remote: https://github.com/ankane/rbnacl.git
  revision: 77799442fe4e6afa766be3f0420232d6fbf3e2b7
  branch: windows
  specs:
    rbnacl (7.0.0)
      ffi

GEM
  remote: https://rubygems.org/
  specs:
    ffi (1.11.1)

PLATFORMS
  ruby

DEPENDENCIES
  rbnacl!

BUNDLED WITH
   2.0.2
